GEM
  remote: https://rubygems.org/
  specs:
    ast (2.2.0)
    builder (3.2.2)
    byebug (8.2.2)
    coderay (1.1.1)
    diff-lcs (1.2.5)
    method_source (0.8.2)
    parser (2.3.0.6)
      ast (~> 2.2)
    powerpack (0.1.1)
    pry (0.10.3)
      coderay (~> 1.1.0)
      method_source (~> 0.8.1)
      slop (~> 3.4)
    pry-byebug (3.3.0)
      byebug (~> 8.0)
      pry (~> 0.10)
    rainbow (2.1.0)
    rake (10.5.0)
    rsolr (1.1.1)
      builder (>= 2.1.2)
    rspec (3.4.0)
      rspec-core (~> 3.4.0)
      rspec-expectations (~> 3.4.0)
      rspec-mocks (~> 3.4.0)
    rspec-collection_matchers (1.1.2)
      rspec-expectations (>= 2.99.0.beta1)
    rspec-core (3.4.3)
      rspec-support (~> 3.4.0)
    rspec-expectations (3.4.0)
      diff-lcs (>= 1.2.0, < 2.0)
      rspec-support (~> 3.4.0)
    rspec-mocks (3.4.1)
      diff-lcs (>= 1.2.0, < 2.0)
      rspec-support (~> 3.4.0)
    rspec-solr (2.0.0)
      rspec (~> 3.0)
      rspec-collection_matchers
    rspec-support (3.4.1)
    rubocop (0.37.2)
      parser (>= 2.3.0.4, < 3.0)
      powerpack (~> 0.1)
      rainbow (>= 1.99.1, < 3.0)
      ruby-progressbar (~> 1.7)
      unicode-display_width (~> 0.3)
    rubocop-rspec (1.4.0)
    ruby-progressbar (1.7.5)
    slop (3.6.0)
    unicode-display_width (0.3.1)

PLATFORMS
  ruby

DEPENDENCIES
  pry-byebug
  rake
  rsolr
  rspec-solr
  rubocop
  rubocop-rspec

BUNDLED WITH
   1.11.2
